GEM
  remote: https://rubygems.org/
  specs:
    backports (3.3.2)
    builder (3.2.2)
    eventmachine (1.0.3)
    haml (4.0.3)
      tilt
    jwt (0.1.8)
      multi_json (>= 1.5)
    multi_json (1.7.7)
    rack (1.5.2)
    rack-protection (1.5.0)
      rack
    rack-test (0.6.2)
      rack (>= 1.0)
    sinatra (1.4.3)
      rack (~> 1.4)
      rack-protection (~> 1.4)
      tilt (~> 1.3, >= 1.3.4)
    sinatra-contrib (1.4.0)
      backports (>= 2.0)
      eventmachine
      rack-protection
      rack-test
      sinatra (~> 1.4.2)
      tilt (~> 1.3)
    tilt (1.4.1)
    twilio-ruby (3.9.0)
      builder (>= 2.1.2)
      jwt (>= 0.1.2)
      multi_json (>= 1.3.0)

PLATFORMS
  ruby

DEPENDENCIES
  haml
  sinatra
  sinatra-contrib
  twilio-ruby
